GEM
  remote: https://rubygems.org/
  specs:
    diff-lcs (1.2.5)
    fast-stemmer (1.0.2)
    json (1.8.1)
    json (1.8.1-java)
    rake (10.3.2)
    rdoc (4.1.2)
      json (~> 1.4)
    rspec (3.1.0)
      rspec-core (~> 3.1.0)
      rspec-expectations (~> 3.1.0)
      rspec-mocks (~> 3.1.0)
    rspec-core (3.1.4)
      rspec-support (~> 3.1.0)
    rspec-expectations (3.1.2)
      diff-lcs (>= 1.2.0, < 2.0)
      rspec-support (~> 3.1.0)
    rspec-mocks (3.1.2)
      rspec-support (~> 3.1.0)
    rspec-support (3.1.1)
    stemmify (0.0.2)

PLATFORMS
  java
  ruby

DEPENDENCIES
  fast-stemmer
  rake
  rdoc
  rspec
  stemmify
